PATH
  remote: .
  specs:
    model_settings (0.0.1)

GEM
  remote: https://rubygems.org/
  specs:
    activerecord (2.3.18)
      activesupport (= 2.3.18)
    activesupport (2.3.18)
    coderay (1.1.0)
    diff-lcs (1.2.5)
    fivemat (1.3.1)
    method_source (0.8.2)
    pry (0.9.12.6)
      coderay (~> 1.0)
      method_source (~> 0.8)
      slop (~> 3.4)
    rake (10.4.2)
    rspec (2.99.0)
      rspec-core (~> 2.99.0)
      rspec-expectations (~> 2.99.0)
      rspec-mocks (~> 2.99.0)
    rspec-core (2.99.2)
    rspec-expectations (2.99.2)
      diff-lcs (>= 1.1.3, < 2.0)
    rspec-mocks (2.99.3)
    shoulda-matchers (1.0.0)
    slop (3.6.0)
    sqlite3 (1.3.10)

PLATFORMS
  ruby

DEPENDENCIES
  activerecord (= 2.3.18)
  activesupport (= 2.3.18)
  bundler (~> 1.7)
  fivemat
  model_settings!
  pry (= 0.9.12.6)
  rake (~> 10.0)
  rspec (~> 2.6)
  shoulda-matchers (~> 1.0.0)
  sqlite3

BUNDLED WITH
   1.10.5
