PATH
  remote: .
  specs:
    model_settings (0.0.1)

GEM
  remote: https://rubygems.org/
  specs:
    activemodel (3.2.0)
      activesupport (= 3.2.0)
      builder (~> 3.0.0)
    activerecord (3.2.0)
      activemodel (= 3.2.0)
      activesupport (= 3.2.0)
      arel (~> 3.0.0)
      tzinfo (~> 0.3.29)
    activesupport (3.2.0)
      i18n (~> 0.6)
      multi_json (~> 1.0)
    arel (3.0.3)
    builder (3.0.4)
    coderay (1.1.0)
    database_cleaner (0.9.1)
    diff-lcs (1.2.5)
    fivemat (1.3.1)
    i18n (0.7.0)
    method_source (0.8.2)
    multi_json (1.11.1)
    pry (0.9.12.6)
      coderay (~> 1.0)
      method_source (~> 0.8)
      slop (~> 3.4)
    rake (10.4.2)
    rspec (2.99.0)
      rspec-core (~> 2.99.0)
      rspec-expectations (~> 2.99.0)
      rspec-mocks (~> 2.99.0)
    rspec-core (2.99.2)
    rspec-expectations (2.99.2)
      diff-lcs (>= 1.1.3, < 2.0)
    rspec-mocks (2.99.3)
    shoulda-matchers (1.0.0)
    slop (3.6.0)
    sqlite3 (1.3.10)
    tzinfo (0.3.44)

PLATFORMS
  ruby

DEPENDENCIES
  activerecord (= 3.2)
  activesupport (= 3.2)
  bundler (~> 1.7)
  database_cleaner (~> 0.9.0)
  fivemat
  model_settings!
  pry (= 0.9.12.6)
  rake (~> 10.0)
  rspec (~> 2.6)
  shoulda-matchers (~> 1.0.0)
  sqlite3

BUNDLED WITH
   1.10.5
